GIT
  remote: https://github.com/heroku/heroku-bouncer.git
  revision: 75623a0bc8ef8f8eda26fe7bd2f4d56f6046f061
  branch: scopes
  specs:
    heroku-bouncer (0.3.3)
      encrypted_cookie (~> 0.0.4)
      faraday (~> 0.8)
      multi_json (~> 1.0)
      omniauth-heroku (>= 0.1.0)
      sinatra (~> 1.0)

GEM
  remote: https://rubygems.org/
  specs:
    encrypted_cookie (0.0.4)
    faraday (0.8.8)
      multipart-post (~> 1.2.0)
    hashie (2.0.5)
    httpauth (0.2.0)
    jwt (0.1.8)
      multi_json (>= 1.5)
    kgio (2.8.1)
    multi_json (1.8.0)
    multipart-post (1.2.0)
    oauth2 (0.8.1)
      faraday (~> 0.8)
      httpauth (~> 0.1)
      jwt (~> 0.1.4)
      multi_json (~> 1.0)
      rack (~> 1.2)
    omniauth (1.1.4)
      hashie (>= 1.2, < 3)
      rack
    omniauth-heroku (0.1.1)
      omniauth (~> 1.0)
      omniauth-oauth2 (~> 1.0)
    omniauth-oauth2 (1.1.1)
      oauth2 (~> 0.8.0)
      omniauth (~> 1.0)
    pg (0.17.0)
    rack (1.5.2)
    rack-protection (1.5.0)
      rack
    raindrops (0.12.0)
    sequel (4.2.0)
    sinatra (1.4.3)
      rack (~> 1.4)
      rack-protection (~> 1.4)
      tilt (~> 1.3, >= 1.3.4)
    tilt (1.4.1)
    unicorn (4.6.3)
      kgio (~> 2.6)
      rack
      raindrops (~> 0.7)

PLATFORMS
  ruby

DEPENDENCIES
  heroku-bouncer!
  pg
  sequel
  sinatra
  unicorn
